GEM
  remote: https://rubygems.org/
  specs:
    compass-import-once (1.0.5)
      sass (>= 3.2, < 3.5)
    sass (3.4.9)

PLATFORMS
  x64-mingw32

DEPENDENCIES
  compass-import-once (~> 1.0.5)
  sass (= 3.4.9)

BUNDLED WITH
   1.10.6
